GEM
  remote: https://rubygems.org/
  specs:
    coderay (1.1.3)
    csv (3.1.2)
    date (3.0.0)
    method_source (1.0.0)
    open-uri (0.2.0)
      stringio
      time
      uri
    pry (0.14.1)
      coderay (~> 1.1)
      method_source (~> 1.0)
    stringio (0.1.0)
    time (0.2.0)
      date
    uri (0.10.0)

PLATFORMS
  arm64-darwin-21

DEPENDENCIES
  bundler
  csv
  open-uri
  pry

RUBY VERSION
   ruby 2.7.4p191

BUNDLED WITH
   2.3.12
